GEM
  remote: https://rubygems.org/
  specs:
    debug (1.8.0)
      irb (>= 1.5.0)
      reline (>= 0.3.1)
    io-console (0.6.0)
    irb (1.8.3)
      rdoc
      reline (>= 0.3.8)
    language_server-protocol (3.17.0.3)
    prism (0.15.1)
    psych (5.1.1.1)
      stringio
    rdoc (6.5.0)
      psych (>= 4.0.0)
    reline (0.3.9)
      io-console (~> 0.5)
    ruby-lsp (0.12.0)
      language_server-protocol (~> 3.17.0)
      prism (>= 0.15.1, < 0.16)
      sorbet-runtime (>= 0.5.5685)
    sorbet-runtime (0.5.11077)
    stringio (3.0.8)

PLATFORMS
  arm64-darwin-22

DEPENDENCIES
  debug
  ruby-lsp

BUNDLED WITH
   2.4.20
