GEM
  remote: https://rubygems.org/
  specs:
    debug (1.9.1)
      irb (~> 1.10)
      reline (>= 0.3.8)
    io-console (0.7.2)
    irb (1.11.1)
      rdoc
      reline (>= 0.4.2)
    language_server-protocol (3.17.0.3)
    prism (0.19.0)
    psych (5.1.2)
      stringio
    rdoc (6.6.2)
      psych (>= 4.0.0)
    reline (0.4.2)
      io-console (~> 0.5)
    ruby-lsp (0.13.4)
      language_server-protocol (~> 3.17.0)
      prism (>= 0.19.0, < 0.20)
      sorbet-runtime (>= 0.5.10782)
    sorbet-runtime (0.5.11218)
    stringio (3.1.0)

PLATFORMS
  arm64-darwin-22

DEPENDENCIES
  debug
  ruby-lsp

BUNDLED WITH
   2.5.4
