GEM
  remote: https://rubygems.org/
  specs:
    debug (1.8.0)
      irb (>= 1.5.0)
      reline (>= 0.3.1)
    io-console (0.6.0)
    irb (1.10.1)
      rdoc
      reline (>= 0.3.8)
    language_server-protocol (3.17.0.3)
    prism (0.18.0)
    psych (5.1.1.1)
      stringio
    rdoc (6.6.1)
      psych (>= 4.0.0)
    reline (0.4.1)
      io-console (~> 0.5)
    ruby-lsp (0.13.1)
      language_server-protocol (~> 3.17.0)
      prism (>= 0.18.0, < 0.19)
      sorbet-runtime (>= 0.5.5685)
    sorbet-runtime (0.5.11146)
    stringio (3.1.0)

PLATFORMS
  arm64-darwin-22

DEPENDENCIES
  debug
  ruby-lsp

BUNDLED WITH
   2.4.21
